PATH
  remote: .
  specs:
    BotManager (0.1.0)
      alexa-smapi (~> 0.1.0)
      aws-sdk-lambda (~> 1.10.0)
      aws-sdk-lexmodelbuildingservice (~> 1.10.0)
      oauth2 (~> 1.4.1)

GEM
  remote: https://rubygems.org/
  specs:
    alexa-smapi (0.1.0)
      oauth2 (~> 1.4.1)
    aws-eventstream (1.0.1)
    aws-partitions (1.141.0)
    aws-sdk-core (3.46.2)
      aws-eventstream (~> 1.0)
      aws-partitions (~> 1.0)
      aws-sigv4 (~> 1.0)
      jmespath (~> 1.0)
    aws-sdk-lambda (1.10.0)
      aws-sdk-core (~> 3, >= 3.26.0)
      aws-sigv4 (~> 1.0)
    aws-sdk-lexmodelbuildingservice (1.10.0)
      aws-sdk-core (~> 3, >= 3.26.0)
      aws-sigv4 (~> 1.0)
    aws-sigv4 (1.0.3)
    faraday (0.15.4)
      multipart-post (>= 1.2, < 3)
    jmespath (1.4.0)
    jwt (2.1.0)
    minitest (5.11.3)
    multi_json (1.13.1)
    multi_xml (0.6.0)
    multipart-post (2.0.0)
    oauth2 (1.4.1)
      faraday (>= 0.8, < 0.16.0)
      jwt (>= 1.0, < 3.0)
      multi_json (~> 1.3)
      multi_xml (~> 0.5)
      rack (>= 1.2, < 3)
    rack (2.0.6)
    rake (13.0.1)

PLATFORMS
  ruby

DEPENDENCIES
  BotManager!
  bundler (~> 1.17)
  minitest (~> 5.0)
  rake (~> 13.0)

BUNDLED WITH
   1.17.1
